{
  "Modality": "MR",
  "MagneticFieldStrength": 3,
  "ImagingFrequency": 123.186,
  "Manufacturer": "Siemens",
  "ManufacturersModelName": "Skyra",
  "InstitutionName": "The_Univ._of_Texas_at_Austin_IRC",
  "InstitutionalDepartmentName": "IRC",
  "InstitutionAddress": "E_24th_St._100_Austin_Southmiddle_US_78712",
  "DeviceSerialNumber": "45239",
  "StationName": "AWP45239",
  "BodyPartExamined": "BRAIN",
  "PatientPosition": "HFS",
  "ProcedureStepDescription": "Booth_Language",
  "SoftwareVersions": "syngo_MR_E11",
  "MRAcquisitionType": "2D",
  "SeriesDescription": "Gram1",
  "ProtocolName": "Gram1",
  "ScanningSequence": "EP",
  "SequenceVariant": "SK_SS",
  "ScanOptions": "FS",
  "SequenceName": "epfid2d1_128",
  "ImageType": [
    "ORIGINAL",
    "PRIMARY",
    "M",
    "MB",
    "ND",
    "MOSAIC"
  ],
  "SeriesNumber": 5,
  "AcquisitionTime": "16:26:49.840000",
  "AcquisitionNumber": 1,
  "ImageComments": "Unaliased_MB4_PE4_LB",
  "SliceThickness": 2,
  "SpacingBetweenSlices": 2,
  "SAR": 0.229606,
  "EchoTime": 0.03,
  "RepetitionTime": 1.25,
  "FlipAngle": 80,
  "PartialFourier": 1,
  "BaseResolution": 128,
  "ShimSetting": [
    -2729,
    7765,
    -15266,
    138,
    1070,
    -967,
    260,
    -15
  ],
  "TxRefAmp": 318.016,
  "PhaseResolution": 1,
  "ReceiveCoilName": "HeadNeck_64",
  "ReceiveCoilActiveElements": "HC3-6",
  "PulseSequenceDetails": "%CustomerSeq%_cmrr_mbep2d_bold",
  "WipMemBlock": "83b89324-4496-45d3-b1c1-60ac1ed7abaf||Sequence: R016 ve11c/master r/e634e98; Dec 19 2017 11:00:25 by eja",
  "RefLinesPE": 58,
  "ConsistencyInfo": "N4_VE11C_LATEST_20160120",
  "MultibandAccelerationFactor": 4,
  "PercentPhaseFOV": 100,
  "EchoTrainLength": 63,
  "PhaseEncodingSteps": 127,
  "AcquisitionMatrixPE": 128,
  "ReconMatrixPE": 128,
  "BandwidthPerPixelPhaseEncode": 23.321,
  "ParallelReductionFactorInPlane": 2,
  "EffectiveEchoSpacing": 0.000334999,
  "DerivedVendorReportedEchoSpacing": 0.000669997,
  "TotalReadoutTime": 0.0425448,
  "PixelBandwidth": 1775,
  "DwellTime": 2.2e-06,
  "PhaseEncodingDirection": "j-",
  "SliceTiming": [
    0,
    0.265,
    0.5275,
    0.7925,
    1.055,
    0.09,
    0.3525,
    0.615,
    0.88,
    1.1425,
    0.1775,
    0.44,
    0.705,
    0.9675,
    0,
    0.265,
    0.5275,
    0.7925,
    1.055,
    0.09,
    0.3525,
    0.615,
    0.88,
    1.1425,
    0.1775,
    0.44,
    0.705,
    0.9675,
    0,
    0.265,
    0.5275,
    0.7925,
    1.055,
    0.09,
    0.3525,
    0.615,
    0.88,
    1.1425,
    0.1775,
    0.44,
    0.705,
    0.9675,
    0,
    0.265,
    0.5275,
    0.7925,
    1.055,
    0.09,
    0.3525,
    0.615,
    0.88,
    1.1425,
    0.1775,
    0.44,
    0.705,
    0.9675
  ],
  "ImageOrientationPatientDICOM": [
    1,
    0,
    0,
    0,
    1,
    0
  ],
  "InPlanePhaseEncodingDirectionDICOM": "COL",
  "ConversionSoftware": "dcm2niix",
  "ConversionSoftwareVersion": "v1.0.20190902",
  "ShiftedAquisitionDate": "1818-10-31"
}