{
  "Modality": "MR",
  "MagneticFieldStrength": 3,
  "ImagingFrequency": 123.186,
  "Manufacturer": "Siemens",
  "ManufacturersModelName": "Skyra",
  "InstitutionName": "The_Univ._of_Texas_at_Austin_IRC",
  "InstitutionalDepartmentName": "IRC",
  "InstitutionAddress": "E_24th_St._100_Austin_Southmiddle_US_78712",
  "DeviceSerialNumber": "45239",
  "StationName": "AWP45239",
  "BodyPartExamined": "BRAIN",
  "PatientPosition": "HFS",
  "ProcedureStepDescription": "Booth_Language",
  "SoftwareVersions": "syngo_MR_E11",
  "MRAcquisitionType": "2D",
  "SeriesDescription": "MB_DTI_64_Directions_SBRef",
  "ProtocolName": "MB_DTI_64_Directions",
  "ScanningSequence": "EP",
  "SequenceVariant": "SK_SS",
  "ScanOptions": "PFP_FS",
  "SequenceName": "epse2d1_128",
  "ImageType": [
    "ORIGINAL",
    "PRIMARY",
    "M",
    "ND",
    "MOSAIC"
  ],
  "SeriesNumber": 12,
  "AcquisitionTime": "12:29:23.540000",
  "AcquisitionNumber": 1,
  "ImageComments": "Single-band_reference",
  "SliceThickness": 2,
  "SpacingBetweenSlices": 4,
  "SAR": 0.187445,
  "EchoTime": 0.071,
  "RepetitionTime": 5,
  "FlipAngle": 90,
  "PartialFourier": 0.75,
  "BaseResolution": 128,
  "ShimSetting": [
    -2720,
    7788,
    -15583,
    -95,
    548,
    -1338,
    -176,
    94
  ],
  "TxRefAmp": 335.68,
  "PhaseResolution": 1,
  "ReceiveCoilName": "HeadNeck_64",
  "ReceiveCoilActiveElements": "HC1-7;NC1",
  "PulseSequenceDetails": "%CustomerSeq%_cmrr_mbep2d_diff",
  "WipMemBlock": "38794455-6b9b-42bf-880e-274837154150||Sequence: R016 ve11c/master r/e634e98; Dec 19 2017 11:11:25 by eja",
  "RefLinesPE": 38,
  "ConsistencyInfo": "N4_VE11C_LATEST_20160120",
  "PercentPhaseFOV": 100,
  "EchoTrainLength": 51,
  "PhaseEncodingSteps": 102,
  "AcquisitionMatrixPE": 128,
  "ReconMatrixPE": 128,
  "BandwidthPerPixelPhaseEncode": 20.833,
  "ParallelReductionFactorInPlane": 2,
  "EffectiveEchoSpacing": 0.000375006,
  "DerivedVendorReportedEchoSpacing": 0.000750012,
  "TotalReadoutTime": 0.0476258,
  "PixelBandwidth": 1500,
  "DwellTime": 2.6e-06,
  "PhaseEncodingDirection": "j-",
  "SliceTiming": [
    0,
    0.2625,
    0.525,
    0.7875,
    1.05,
    1.31,
    1.5725,
    1.835,
    2.0975,
    2.36,
    2.6225,
    2.8825,
    3.145,
    3.4075,
    3.67,
    3.9325,
    4.195,
    4.455,
    4.7175,
    4.98,
    5.2425,
    5.505,
    5.7675,
    6.03,
    6.29,
    6.5525,
    6.815,
    7.0775,
    7.34,
    7.6025,
    7.8625,
    8.125,
    8.3875,
    8.65,
    8.9125,
    9.175,
    9.435,
    9.6975,
    9.96,
    10.2225,
    10.485,
    10.7475,
    11.0075,
    11.27,
    11.5325,
    11.795,
    12.0575,
    12.32,
    12.5825,
    12.8425,
    13.105,
    13.3675,
    13.63,
    13.8925,
    14.155,
    14.415,
    14.6775
  ],
  "ImageOrientationPatientDICOM": [
    1,
    0,
    0,
    0,
    1,
    0
  ],
  "InPlanePhaseEncodingDirectionDICOM": "COL",
  "ConversionSoftware": "dcm2niix",
  "ConversionSoftwareVersion": "v1.0.20190902",
  "ShiftedAquisitionDate": "1818-08-01 00:00:00"
}