{
  "Modality": "MR",
  "MagneticFieldStrength": 3,
  "ImagingFrequency": 123.224,
  "Manufacturer": "Siemens",
  "ManufacturersModelName": "Skyra",
  "InstitutionName": "The_Univ._of_Texas_at_Austin_IRC",
  "InstitutionalDepartmentName": "IRC",
  "InstitutionAddress": "E_24th_St._100_Austin_Southmiddle_US_78712",
  "DeviceSerialNumber": "45239",
  "StationName": "AWP45239",
  "BodyPartExamined": "BRAIN",
  "PatientPosition": "HFS",
  "ProcedureStepDescription": "Booth_Language",
  "SoftwareVersions": "syngo_MR_D13",
  "MRAcquisitionType": "2D",
  "SeriesDescription": "fieldmap",
  "ProtocolName": "fieldmap",
  "ScanningSequence": "GR",
  "SequenceVariant": "SP",
  "SequenceName": "_fm2d2r",
  "ImageType": [
    "ORIGINAL",
    "PRIMARY",
    "P",
    "ND"
  ],
  "SeriesNumber": 15,
  "AcquisitionTime": "17:21:51.300000",
  "AcquisitionNumber": 1,
  "SliceThickness": 3,
  "SpacingBetweenSlices": 6,
  "SAR": 0.410394,
  "EchoNumber": 2,
  "EchoTime": 0.00738,
  "RepetitionTime": 0.6,
  "FlipAngle": 60,
  "PartialFourier": 1,
  "BaseResolution": 64,
  "ShimSetting": [
    -2865,
    7869,
    -15486,
    -1058,
    -173,
    -538,
    445,
    33
  ],
  "TxRefAmp": 324.891,
  "PhaseResolution": 1,
  "ReceiveCoilName": "HeadNeck_64",
  "ReceiveCoilActiveElements": "HC1-7",
  "PulseSequenceDetails": "%SiemensSeq%_gre_field_mapping",
  "ConsistencyInfo": "N4_VD13A_LATEST_20120616",
  "PercentPhaseFOV": 100,
  "PhaseEncodingSteps": 64,
  "AcquisitionMatrixPE": 64,
  "ReconMatrixPE": 64,
  "PixelBandwidth": 300,
  "DwellTime": 2.6e-05,
  "PhaseEncodingDirection": "i",
  "SliceTiming": [
    0,
    0.3125,
    0.01562,
    0.3125,
    0.01562,
    0.32812,
    0.03125,
    0.34375,
    0.04688,
    0.34375,
    0.0625,
    0.35938,
    0.0625,
    0.375,
    0.07812,
    0.375,
    0.09375,
    0.39062,
    0.09375,
    0.40625,
    0.10938,
    0.40625,
    0.125,
    0.42188,
    0.125,
    0.4375,
    0.14062,
    0.45312,
    0.15625,
    0.45312,
    0.15625,
    0.46875,
    0.17188,
    0.46875,
    0.1875,
    0.48438,
    0.1875,
    0.5,
    0.20312,
    0.51562,
    0.21875,
    0.51562,
    0.21875,
    0.53125,
    0.23438,
    0.54688,
    0.25,
    0.54688,
    0.25,
    0.5625,
    0.26562,
    0.57812,
    0.28125,
    0.57812,
    0.28125,
    0.59375,
    0.29688
  ],
  "ImageOrientationPatientDICOM": [
    1,
    -2.05103e-10,
    0,
    2.05103e-10,
    1,
    0
  ],
  "InPlanePhaseEncodingDirectionDICOM": "ROW",
  "ConversionSoftware": "dcm2niix",
  "ConversionSoftwareVersion": "v1.0.20190902",
  "ShiftedAquisitionDate": "1814-10-04 00:00:00",
  "EchoTime1": 0.00492,
  "EchoTime2": 0.00738,
  "IntendedFor": "ses-5/dwi/sub-5017_ses-5_acq-D1S13_dwi.nii.gz"
}