{
  "Modality": "MR",
  "MagneticFieldStrength": 3,
  "ImagingFrequency": 123.224,
  "Manufacturer": "Siemens",
  "ManufacturersModelName": "Skyra",
  "InstitutionName": "The_Univ._of_Texas_at_Austin_IRC",
  "InstitutionalDepartmentName": "IRC",
  "InstitutionAddress": "E_24th_St._100_Austin_Southmiddle_US_78712",
  "DeviceSerialNumber": "45239",
  "StationName": "AWP45239",
  "BodyPartExamined": "BRAIN",
  "PatientPosition": "HFS",
  "ProcedureStepDescription": "Booth_Language",
  "SoftwareVersions": "syngo_MR_D13",
  "MRAcquisitionType": "2D",
  "SeriesDescription": "Gram2",
  "ProtocolName": "Gram2",
  "ScanningSequence": "EP",
  "SequenceVariant": "SK_SS",
  "ScanOptions": "FS",
  "SequenceName": "epfid2d1_128",
  "ImageType": [
    "ORIGINAL",
    "PRIMARY",
    "M",
    "MB",
    "ND",
    "MOSAIC"
  ],
  "SeriesNumber": 4,
  "AcquisitionTime": "14:48:1.285000",
  "AcquisitionNumber": 1,
  "ImageComments": "Unaliased_MB4_PE4",
  "SliceThickness": 2,
  "SpacingBetweenSlices": 2,
  "SAR": 0.218745,
  "EchoTime": 0.03,
  "RepetitionTime": 1.25,
  "FlipAngle": 80,
  "PartialFourier": 1,
  "BaseResolution": 128,
  "ShimSetting": [
    -2905,
    7837,
    -15602,
    -745,
    -118,
    -38,
    73,
    -100
  ],
  "TxRefAmp": 349.558,
  "PhaseResolution": 1,
  "ReceiveCoilName": "HeadNeck_64",
  "ReceiveCoilActiveElements": "HC1-7",
  "PulseSequenceDetails": "%CustomerSeq%_cmrr_mbep2d_bold",
  "WipMemBlock": "60027469-df2b-481e-adfa-1cdc6959488d||Sequence: vd13a/R012 r/b64934c; Jul  9 2015 19:58:09 by eja",
  "RefLinesPE": 100,
  "ConsistencyInfo": "N4_VD13A_LATEST_20120616",
  "MultibandAccelerationFactor": 4,
  "PercentPhaseFOV": 100,
  "EchoTrainLength": 63,
  "PhaseEncodingSteps": 127,
  "AcquisitionMatrixPE": 128,
  "ReconMatrixPE": 128,
  "BandwidthPerPixelPhaseEncode": 22.645,
  "ParallelReductionFactorInPlane": 2,
  "EffectiveEchoSpacing": 0.000344999,
  "DerivedVendorReportedEchoSpacing": 0.000689998,
  "TotalReadoutTime": 0.0438149,
  "PixelBandwidth": 1775,
  "DwellTime": 2.2e-06,
  "PhaseEncodingDirection": "j-",
  "SliceTiming": [
    0,
    0.2625,
    0.5275,
    0.79,
    1.0525,
    0.0875,
    0.35,
    0.615,
    0.8775,
    1.1425,
    0.175,
    0.4375,
    0.7025,
    0.965,
    0,
    0.2625,
    0.5275,
    0.79,
    1.0525,
    0.0875,
    0.35,
    0.615,
    0.8775,
    1.1425,
    0.175,
    0.4375,
    0.7025,
    0.965,
    0,
    0.2625,
    0.5275,
    0.79,
    1.0525,
    0.0875,
    0.35,
    0.615,
    0.8775,
    1.1425,
    0.175,
    0.4375,
    0.7025,
    0.965,
    0,
    0.2625,
    0.5275,
    0.79,
    1.0525,
    0.0875,
    0.35,
    0.615,
    0.8775,
    1.1425,
    0.175,
    0.4375,
    0.7025,
    0.965
  ],
  "ImageOrientationPatientDICOM": [
    1,
    -0.000231437,
    0.0006532,
    0.000231335,
    1,
    0.000156401
  ],
  "InPlanePhaseEncodingDirectionDICOM": "COL",
  "ConversionSoftware": "dcm2niix",
  "ConversionSoftwareVersion": "v1.0.20190902",
  "ShiftedAquisitionDate": "1815-04-06"
}