{
  "Modality": "MR",
  "MagneticFieldStrength": 3,
  "ImagingFrequency": 123.224,
  "Manufacturer": "Siemens",
  "ManufacturersModelName": "Skyra",
  "InstitutionName": "The_Univ._of_Texas_at_Austin_IRC",
  "InstitutionalDepartmentName": "IRC",
  "InstitutionAddress": "E_24th_St._100_Austin_Southmiddle_US_78712",
  "DeviceSerialNumber": "45239",
  "StationName": "AWP45239",
  "BodyPartExamined": "BRAIN",
  "PatientPosition": "HFS",
  "ProcedureStepDescription": "Booth_Language",
  "SoftwareVersions": "syngo_MR_D13",
  "MRAcquisitionType": "2D",
  "SeriesDescription": "Plaus1",
  "ProtocolName": "Plaus1",
  "ScanningSequence": "EP",
  "SequenceVariant": "SK_SS",
  "ScanOptions": "FS",
  "SequenceName": "epfid2d1_128",
  "ImageType": [
    "ORIGINAL",
    "PRIMARY",
    "M",
    "MB",
    "ND",
    "MOSAIC"
  ],
  "SeriesNumber": 7,
  "AcquisitionTime": "15:58:5.457500",
  "AcquisitionNumber": 1,
  "ImageComments": "Unaliased_MB4_PE4",
  "SliceThickness": 2,
  "SpacingBetweenSlices": 2,
  "SAR": 0.216733,
  "EchoTime": 0.03,
  "RepetitionTime": 1.25,
  "FlipAngle": 80,
  "PartialFourier": 1,
  "BaseResolution": 128,
  "ShimSetting": [
    -2810,
    8086,
    -15511,
    -1372,
    135,
    -93,
    -129,
    33
  ],
  "TxRefAmp": 321.326,
  "PhaseResolution": 1,
  "ReceiveCoilName": "HeadNeck_64",
  "ReceiveCoilActiveElements": "HC1-7",
  "PulseSequenceDetails": "%CustomerSeq%_cmrr_mbep2d_bold",
  "WipMemBlock": "fa409235-54ef-4b3f-b9b2-9bb86fbf2038||Sequence: vd13a/R012 r/b34510a; May 18 2015 10:31:31 by eja",
  "RefLinesPE": 100,
  "ConsistencyInfo": "N4_VD13A_LATEST_20120616",
  "MultibandAccelerationFactor": 4,
  "PercentPhaseFOV": 100,
  "EchoTrainLength": 63,
  "PhaseEncodingSteps": 127,
  "AcquisitionMatrixPE": 128,
  "ReconMatrixPE": 128,
  "BandwidthPerPixelPhaseEncode": 22.645,
  "ParallelReductionFactorInPlane": 2,
  "EffectiveEchoSpacing": 0.000344999,
  "DerivedVendorReportedEchoSpacing": 0.000689998,
  "TotalReadoutTime": 0.0438149,
  "PixelBandwidth": 1775,
  "DwellTime": 2.2e-06,
  "PhaseEncodingDirection": "j-",
  "SliceTiming": [
    0,
    0.2625,
    0.5275,
    0.79,
    1.055,
    0.0875,
    0.35,
    0.615,
    0.8775,
    1.1425,
    0.175,
    0.44,
    0.7025,
    0.965,
    0,
    0.2625,
    0.5275,
    0.79,
    1.055,
    0.0875,
    0.35,
    0.615,
    0.8775,
    1.1425,
    0.175,
    0.44,
    0.7025,
    0.965,
    0,
    0.2625,
    0.5275,
    0.79,
    1.055,
    0.0875,
    0.35,
    0.615,
    0.8775,
    1.1425,
    0.175,
    0.44,
    0.7025,
    0.965,
    0,
    0.2625,
    0.5275,
    0.79,
    1.055,
    0.0875,
    0.35,
    0.615,
    0.8775,
    1.1425,
    0.175,
    0.44,
    0.7025,
    0.965
  ],
  "ImageOrientationPatientDICOM": [
    0.998404,
    -0.000536106,
    0.0564702,
    0.000230995,
    0.999985,
    0.00540944
  ],
  "InPlanePhaseEncodingDirectionDICOM": "COL",
  "ConversionSoftware": "dcm2niix",
  "ConversionSoftwareVersion": "v1.0.20190902",
  "ShiftedAquisitionDate": "1815-01-19"
}