{
  "Modality": "MR",
  "MagneticFieldStrength": 3,
  "ImagingFrequency": 123.225,
  "Manufacturer": "Siemens",
  "ManufacturersModelName": "Skyra",
  "InstitutionName": "The_Univ._of_Texas_at_Austin_IRC",
  "InstitutionalDepartmentName": "IRC",
  "InstitutionAddress": "E_24th_St._100_Austin_Southmiddle_US_78712",
  "DeviceSerialNumber": "45239",
  "StationName": "AWP45239",
  "BodyPartExamined": "BRAIN",
  "PatientPosition": "HFS",
  "ProcedureStepDescription": "Booth_Language",
  "SoftwareVersions": "syngo_MR_E11",
  "MRAcquisitionType": "2D",
  "SeriesDescription": "fieldmap",
  "ProtocolName": "fieldmap",
  "ScanningSequence": "GR",
  "SequenceVariant": "SP",
  "SequenceName": "_fm2d2r",
  "ImageType": [
    "ORIGINAL",
    "PRIMARY",
    "P",
    "ND"
  ],
  "SeriesNumber": 12,
  "AcquisitionTime": "11:58:39.725000",
  "AcquisitionNumber": 1,
  "SliceThickness": 3,
  "SpacingBetweenSlices": 6,
  "SAR": 0.384618,
  "EchoNumber": 2,
  "EchoTime": 0.00738,
  "RepetitionTime": 0.6,
  "FlipAngle": 60,
  "PartialFourier": 1,
  "BaseResolution": 64,
  "ShimSetting": [
    -2865,
    7735,
    -15637,
    141,
    39,
    -859,
    367,
    -126
  ],
  "TxRefAmp": 358.535,
  "PhaseResolution": 1,
  "ReceiveCoilName": "HeadNeck_64",
  "ReceiveCoilActiveElements": "HC1-6",
  "PulseSequenceDetails": "%SiemensSeq%_gre_field_mapping",
  "ConsistencyInfo": "N4_VE11A_LATEST_20140830",
  "PercentPhaseFOV": 100,
  "PhaseEncodingSteps": 64,
  "AcquisitionMatrixPE": 64,
  "ReconMatrixPE": 64,
  "PixelBandwidth": 300,
  "DwellTime": 2.6e-05,
  "PhaseEncodingDirection": "i",
  "SliceTiming": [
    0,
    0.30469,
    0.00781,
    0.3125,
    0.01562,
    0.32031,
    0.03125,
    0.33594,
    0.03906,
    0.34375,
    0.05469,
    0.35938,
    0.0625,
    0.36719,
    0.07031,
    0.375,
    0.08594,
    0.39062,
    0.09375,
    0.39844,
    0.10156,
    0.40625,
    0.11719,
    0.42188,
    0.125,
    0.42969,
    0.13281,
    0.4375,
    0.14844,
    0.45312,
    0.15625,
    0.46094,
    0.16406,
    0.46875,
    0.17969,
    0.48438,
    0.1875,
    0.49219,
    0.19531,
    0.5,
    0.21094,
    0.51562,
    0.21875,
    0.52344,
    0.22656,
    0.53906,
    0.24219,
    0.54688,
    0.25,
    0.55469,
    0.25781,
    0.5625,
    0.27344,
    0.57812,
    0.28125,
    0.58594,
    0.29688
  ],
  "ImageOrientationPatientDICOM": [
    1,
    4.897e-12,
    0,
    -4.897e-12,
    1,
    0
  ],
  "InPlanePhaseEncodingDirectionDICOM": "ROW",
  "ConversionSoftware": "dcm2niix",
  "ConversionSoftwareVersion": "v1.0.20190902",
  "ShiftedAquisitionDate": "1817-01-19 00:00:00",
  "EchoTime1": 0.00492,
  "EchoTime2": 0.00738,
  "IntendedFor": "ses-7/dwi/sub-5430_ses-7_acq-D1S14_dwi.nii.gz"
}