{
  "Modality": "MR",
  "MagneticFieldStrength": 3,
  "ImagingFrequency": 123.186,
  "Manufacturer": "Siemens",
  "ManufacturersModelName": "Skyra",
  "InstitutionName": "The_Univ._of_Texas_at_Austin_IRC",
  "InstitutionalDepartmentName": "IRC",
  "InstitutionAddress": "E_24th_St._100_Austin_Southmiddle_US_78712",
  "DeviceSerialNumber": "45239",
  "StationName": "AWP45239",
  "BodyPartExamined": "BRAIN",
  "PatientPosition": "HFS",
  "ProcedureStepDescription": "Booth_Language",
  "SoftwareVersions": "syngo_MR_E11",
  "MRAcquisitionType": "2D",
  "SeriesDescription": "MB_DTI_64_Directions",
  "ProtocolName": "MB_DTI_64_Directions",
  "ScanningSequence": "EP",
  "SequenceVariant": "SK_SS",
  "ScanOptions": "PFP_FS",
  "SequenceName": "ep_b5#1",
  "ImageType": [
    "ORIGINAL",
    "PRIMARY",
    "DIFFUSION",
    "NONE",
    "MB",
    "ND",
    "MOSAIC"
  ],
  "SeriesNumber": 11,
  "AcquisitionTime": "09:47:6.370000",
  "AcquisitionNumber": 1,
  "ImageComments": "Unaliased_MB3_PE4",
  "SliceThickness": 2,
  "SpacingBetweenSlices": 4,
  "SAR": 0.173401,
  "EchoTime": 0.071,
  "RepetitionTime": 5,
  "FlipAngle": 90,
  "PartialFourier": 0.75,
  "BaseResolution": 128,
  "ShimSetting": [
    -2733,
    7799,
    -15554,
    57,
    523,
    -1112,
    132,
    -72
  ],
  "DiffusionScheme": "Monopolar",
  "TxRefAmp": 334.593,
  "PhaseResolution": 1,
  "ReceiveCoilName": "HeadNeck_64",
  "ReceiveCoilActiveElements": "HC1-7;NC1",
  "PulseSequenceDetails": "%CustomerSeq%_cmrr_mbep2d_diff",
  "WipMemBlock": "84f2f27b-68a3-4f68-a7c3-e3949097954e||Sequence: R016 ve11c/master r/e634e98; Dec 19 2017 11:11:25 by eja",
  "RefLinesPE": 38,
  "ConsistencyInfo": "N4_VE11C_LATEST_20160120",
  "MultibandAccelerationFactor": 3,
  "PercentPhaseFOV": 100,
  "EchoTrainLength": 51,
  "PhaseEncodingSteps": 102,
  "AcquisitionMatrixPE": 128,
  "ReconMatrixPE": 128,
  "BandwidthPerPixelPhaseEncode": 20.833,
  "ParallelReductionFactorInPlane": 2,
  "EffectiveEchoSpacing": 0.000375006,
  "DerivedVendorReportedEchoSpacing": 0.000750012,
  "TotalReadoutTime": 0.0476258,
  "PixelBandwidth": 1500,
  "DwellTime": 2.6e-06,
  "PhaseEncodingDirection": "j-",
  "SliceTiming": [
    0,
    2.6225,
    0.2625,
    2.885,
    0.525,
    3.145,
    0.7875,
    3.4075,
    1.05,
    3.67,
    1.31,
    3.9325,
    1.5725,
    4.195,
    1.835,
    4.4575,
    2.0975,
    4.7175,
    2.36,
    0,
    2.6225,
    0.2625,
    2.885,
    0.525,
    3.145,
    0.7875,
    3.4075,
    1.05,
    3.67,
    1.31,
    3.9325,
    1.5725,
    4.195,
    1.835,
    4.4575,
    2.0975,
    4.7175,
    2.36,
    0,
    2.6225,
    0.2625,
    2.885,
    0.525,
    3.145,
    0.7875,
    3.4075,
    1.05,
    3.67,
    1.31,
    3.9325,
    1.5725,
    4.195,
    1.835,
    4.4575,
    2.0975,
    4.7175,
    2.36
  ],
  "ImageOrientationPatientDICOM": [
    1,
    0,
    0,
    0,
    1,
    0
  ],
  "InPlanePhaseEncodingDirectionDICOM": "COL",
  "ConversionSoftware": "dcm2niix",
  "ConversionSoftwareVersion": "v1.0.20190902",
  "ShiftedAquisitionDate": "1819-05-21 00:00:00"
}