{
  "Modality": "MR",
  "MagneticFieldStrength": 3,
  "ImagingFrequency": 123.224,
  "Manufacturer": "Siemens",
  "ManufacturersModelName": "Skyra",
  "InstitutionName": "The_Univ._of_Texas_at_Austin_IRC",
  "InstitutionalDepartmentName": "IRC",
  "InstitutionAddress": "E_24th_St._100_Austin_Southmiddle_US_78712",
  "DeviceSerialNumber": "45239",
  "StationName": "AWP45239",
  "BodyPartExamined": "BRAIN",
  "PatientPosition": "HFS",
  "ProcedureStepDescription": "Booth_Language",
  "SoftwareVersions": "syngo_MR_D13",
  "MRAcquisitionType": "2D",
  "SeriesDescription": "MB_DTI_64_Directions_SBRef",
  "ProtocolName": "MB_DTI_64_Directions",
  "ScanningSequence": "EP",
  "SequenceVariant": "SK_SS",
  "ScanOptions": "PFP_FS",
  "SequenceName": "epse2d1_128",
  "ImageType": [
    "ORIGINAL",
    "PRIMARY",
    "M",
    "ND",
    "MOSAIC"
  ],
  "SeriesNumber": 15,
  "AcquisitionTime": "14:12:34.700000",
  "AcquisitionNumber": 1,
  "ImageComments": "Single-band_reference",
  "SliceThickness": 2,
  "SpacingBetweenSlices": 4,
  "SAR": 0.234943,
  "EchoTime": 0.071,
  "RepetitionTime": 5,
  "FlipAngle": 90,
  "PartialFourier": 0.75,
  "BaseResolution": 128,
  "ShimSetting": [
    -2898,
    8018,
    -15517,
    -978,
    -382,
    -276,
    75,
    70
  ],
  "TxRefAmp": 336.83,
  "PhaseResolution": 1,
  "ReceiveCoilName": "HeadNeck_64",
  "ReceiveCoilActiveElements": "HC1-7;NC1",
  "PulseSequenceDetails": "%CustomerSeq%_cmrr_mbep2d_diff",
  "WipMemBlock": "c2618a6d-db7e-414d-9c7c-54ff227109ea||Sequence: vd13a/R012 r/b34510a; May 18 2015 10:39:10 by eja",
  "RefLinesPE": 38,
  "ConsistencyInfo": "N4_VD13A_LATEST_20120616",
  "PercentPhaseFOV": 100,
  "EchoTrainLength": 51,
  "PhaseEncodingSteps": 102,
  "AcquisitionMatrixPE": 128,
  "ReconMatrixPE": 128,
  "BandwidthPerPixelPhaseEncode": 20.833,
  "ParallelReductionFactorInPlane": 2,
  "EffectiveEchoSpacing": 0.000375006,
  "DerivedVendorReportedEchoSpacing": 0.000750012,
  "TotalReadoutTime": 0.0476258,
  "PixelBandwidth": 1500,
  "DwellTime": 2.6e-06,
  "PhaseEncodingDirection": "j-",
  "SliceTiming": [
    0,
    0.2625,
    0.5225,
    0.785,
    1.0475,
    1.31,
    1.5725,
    1.835,
    2.0975,
    2.3575,
    2.62,
    2.8825,
    3.145,
    3.4075,
    3.67,
    3.93,
    4.1925,
    4.455,
    4.7175,
    4.98,
    5.2425,
    5.5025,
    5.765,
    6.0275,
    6.29,
    6.5525,
    6.815,
    7.075,
    7.3375,
    7.6,
    7.8625,
    8.125,
    8.3875,
    8.65,
    8.91,
    9.1725,
    9.435,
    9.6975,
    9.96,
    10.2225,
    10.4825,
    10.745,
    11.0075,
    11.27,
    11.5325,
    11.795,
    12.055,
    12.3175,
    12.58,
    12.8425,
    13.105,
    13.3675,
    13.6275,
    13.89,
    14.1525,
    14.415,
    14.6775
  ],
  "ImageOrientationPatientDICOM": [
    1,
    0,
    0,
    0,
    1,
    0
  ],
  "InPlanePhaseEncodingDirectionDICOM": "COL",
  "ConversionSoftware": "dcm2niix",
  "ConversionSoftwareVersion": "v1.0.20190902",
  "ShiftedAquisitionDate": "1815-02-01 00:00:00"
}