{
  "Modality": "MR",
  "MagneticFieldStrength": 3,
  "ImagingFrequency": 123.224,
  "Manufacturer": "Siemens",
  "ManufacturersModelName": "Skyra",
  "InstitutionName": "The_Univ._of_Texas_at_Austin_IRC",
  "InstitutionalDepartmentName": "IRC",
  "InstitutionAddress": "E_24th_St._100_Austin_Southmiddle_US_78712",
  "DeviceSerialNumber": "45239",
  "StationName": "AWP45239",
  "BodyPartExamined": "BRAIN",
  "PatientPosition": "HFS",
  "ProcedureStepDescription": "Booth_Language",
  "SoftwareVersions": "syngo_MR_D13",
  "MRAcquisitionType": "2D",
  "SeriesDescription": "Gram2",
  "ProtocolName": "Gram2",
  "ScanningSequence": "EP",
  "SequenceVariant": "SK_SS",
  "ScanOptions": "FS",
  "SequenceName": "epfid2d1_128",
  "ImageType": [
    "ORIGINAL",
    "PRIMARY",
    "M",
    "MB",
    "ND",
    "MOSAIC"
  ],
  "SeriesNumber": 10,
  "AcquisitionTime": "15:02:20.222500",
  "AcquisitionNumber": 1,
  "ImageComments": "Unaliased_MB4_PE4",
  "SliceThickness": 2,
  "SpacingBetweenSlices": 2,
  "SAR": 0.185308,
  "EchoTime": 0.03,
  "RepetitionTime": 1.25,
  "FlipAngle": 80,
  "PartialFourier": 1,
  "BaseResolution": 128,
  "ShimSetting": [
    -2863,
    7906,
    -15497,
    -767,
    -390,
    34,
    302,
    233
  ],
  "TxRefAmp": 349.668,
  "PhaseResolution": 1,
  "ReceiveCoilName": "HeadNeck_64",
  "ReceiveCoilActiveElements": "HC3-6",
  "PulseSequenceDetails": "%CustomerSeq%_cmrr_mbep2d_bold",
  "WipMemBlock": "d23208df-ff78-49f6-906d-2dc984cb8979||Sequence: vd13a/R012 r/b34510a; May 18 2015 10:31:31 by eja",
  "RefLinesPE": 100,
  "ConsistencyInfo": "N4_VD13A_LATEST_20120616",
  "MultibandAccelerationFactor": 4,
  "PercentPhaseFOV": 100,
  "EchoTrainLength": 63,
  "PhaseEncodingSteps": 127,
  "AcquisitionMatrixPE": 128,
  "ReconMatrixPE": 128,
  "BandwidthPerPixelPhaseEncode": 22.645,
  "ParallelReductionFactorInPlane": 2,
  "EffectiveEchoSpacing": 0.000344999,
  "DerivedVendorReportedEchoSpacing": 0.000689998,
  "TotalReadoutTime": 0.0438149,
  "PixelBandwidth": 1775,
  "DwellTime": 2.2e-06,
  "PhaseEncodingDirection": "j-",
  "SliceTiming": [
    0,
    0.265,
    0.5275,
    0.79,
    1.055,
    0.0875,
    0.3525,
    0.615,
    0.88,
    1.1425,
    0.175,
    0.44,
    0.7025,
    0.9675,
    0,
    0.265,
    0.5275,
    0.79,
    1.055,
    0.0875,
    0.3525,
    0.615,
    0.88,
    1.1425,
    0.175,
    0.44,
    0.7025,
    0.9675,
    0,
    0.265,
    0.5275,
    0.79,
    1.055,
    0.0875,
    0.3525,
    0.615,
    0.88,
    1.1425,
    0.175,
    0.44,
    0.7025,
    0.9675,
    0,
    0.265,
    0.5275,
    0.79,
    1.055,
    0.0875,
    0.3525,
    0.615,
    0.88,
    1.1425,
    0.175,
    0.44,
    0.7025,
    0.9675
  ],
  "ImageOrientationPatientDICOM": [
    1,
    -0.000231436,
    0.000652593,
    0.000231337,
    1,
    0.000151951
  ],
  "InPlanePhaseEncodingDirectionDICOM": "COL",
  "ConversionSoftware": "dcm2niix",
  "ConversionSoftwareVersion": "v1.0.20190902",
  "ShiftedAquisitionDate": "1814-09-11"
}