{
  "Modality": "MR",
  "MagneticFieldStrength": 3,
  "Manufacturer": "Siemens",
  "ManufacturersModelName": "Skyra",
  "InstitutionName": "The_Univ._of_Texas_at_Austin_IRC",
  "InstitutionalDepartmentName": "IRC",
  "InstitutionAddress": "E_24th_St._100_Austin_Southmiddle_US_78712",
  "DeviceSerialNumber": "45239",
  "StationName": "AWP45239",
  "BodyPartExamined": "BRAIN",
  "PatientPosition": "HFS",
  "ProcedureStepDescription": "Booth_Language",
  "SoftwareVersions": "syngo_MR_E11",
  "MRAcquisitionType": "2D",
  "ScanningSequence": "EP",
  "SequenceVariant": "SK_SS",
  "ScanOptions": "FS",
  "SequenceName": "epfid2d1_128",
  "ImageType": [
    "ORIGINAL",
    "PRIMARY",
    "M",
    "MB",
    "ND",
    "MOSAIC"
  ],
  "ImageComments": "Unaliased_MB4_PE4_LB",
  "SliceThickness": 2,
  "SpacingBetweenSlices": 2,
  "EchoTime": 0.03,
  "RepetitionTime": 1.25,
  "FlipAngle": 80,
  "PartialFourier": 1,
  "BaseResolution": 128,
  "PhaseResolution": 1,
  "ReceiveCoilName": "HeadNeck_64",
  "RefLinesPE": 58,
  "MultibandAccelerationFactor": 4,
  "PercentPhaseFOV": 100,
  "EchoTrainLength": 63,
  "PhaseEncodingSteps": 127,
  "AcquisitionMatrixPE": 128,
  "ReconMatrixPE": 128,
  "BandwidthPerPixelPhaseEncode": 23.321,
  "ParallelReductionFactorInPlane": 2,
  "EffectiveEchoSpacing": 0.000334999,
  "DerivedVendorReportedEchoSpacing": 0.000669997,
  "TotalReadoutTime": 0.0425448,
  "PixelBandwidth": 1775,
  "DwellTime": 2.2e-06,
  "PhaseEncodingDirection": "j-",
  "SliceTiming": [
    0,
    0.263474057,
    0.527091981,
    0.790601415,
    1.054176887,
    0.087799528,
    0.351372642,
    0.614936321,
    0.878431604,
    1.142040094,
    0.175660377,
    0.439235849,
    0.702759434,
    0.966330189,
    0,
    0.263474057,
    0.527091981,
    0.790601415,
    1.054176887,
    0.087799528,
    0.351372642,
    0.614936321,
    0.878431604,
    1.142040094,
    0.175660377,
    0.439235849,
    0.702759434,
    0.966330189,
    0,
    0.263474057,
    0.527091981,
    0.790601415,
    1.054176887,
    0.087799528,
    0.351372642,
    0.614936321,
    0.878431604,
    1.142040094,
    0.175660377,
    0.439235849,
    0.702759434,
    0.966330189,
    0,
    0.263474057,
    0.527091981,
    0.790601415,
    1.054176887,
    0.087799528,
    0.351372642,
    0.614936321,
    0.878431604,
    1.142040094,
    0.175660377,
    0.439235849,
    0.702759434,
    0.966330189
  ],
  "ImageOrientationPatientDICOM": [
    1,
    0,
    0,
    0,
    1,
    0
  ],
  "InPlanePhaseEncodingDirectionDICOM": "COL",
  "ConversionSoftware": "spm8",
  "ShiftedAquisitionDate": "1816-07-14"
}