{
  "Modality": "MR",
  "MagneticFieldStrength": 3,
  "ImagingFrequency": 123.225,
  "Manufacturer": "Siemens",
  "ManufacturersModelName": "Skyra",
  "InstitutionName": "The_Univ._of_Texas_at_Austin_IRC",
  "InstitutionalDepartmentName": "IRC",
  "InstitutionAddress": "E_24th_St._100_Austin_Southmiddle_US_78712",
  "DeviceSerialNumber": "45239",
  "StationName": "AWP45239",
  "BodyPartExamined": "BRAIN",
  "PatientPosition": "HFS",
  "ProcedureStepDescription": "Booth_Language",
  "SoftwareVersions": "syngo_MR_E11",
  "MRAcquisitionType": "2D",
  "SeriesDescription": "Plaus1",
  "ProtocolName": "Plaus1",
  "ScanningSequence": "EP",
  "SequenceVariant": "SK_SS",
  "ScanOptions": "FS",
  "SequenceName": "epfid2d1_128",
  "ImageType": [
    "ORIGINAL",
    "PRIMARY",
    "M",
    "MB",
    "ND",
    "MOSAIC"
  ],
  "SeriesNumber": 8,
  "AcquisitionTime": "16:09:52.262500",
  "AcquisitionNumber": 1,
  "ImageComments": "Unaliased_MB4_PE4_LB",
  "SliceThickness": 2,
  "SpacingBetweenSlices": 2,
  "SAR": 0.226063,
  "EchoTime": 0.03,
  "RepetitionTime": 1.25,
  "FlipAngle": 80,
  "PartialFourier": 1,
  "BaseResolution": 128,
  "ShimSetting": [
    -2917,
    8056,
    -15341,
    -139,
    -51,
    -380,
    -235,
    -14
  ],
  "TxRefAmp": 382.656,
  "PhaseResolution": 1,
  "ReceiveCoilName": "HeadNeck_64",
  "ReceiveCoilActiveElements": "HC2,4,6",
  "CoilString": "HC2_4_6",
  "PulseSequenceDetails": "%CustomerSeq%_cmrr_mbep2d_bold",
  "WipMemBlock": "7bccb942-0211-434a-99c4-c22b4117bd89||Sequence: R016 ve11a/master r/fdfe5be5; Nov 27 2017 15:45:20 by eja",
  "RefLinesPE": 58,
  "ConsistencyInfo": "N4_VE11A_LATEST_20140830",
  "MultibandAccelerationFactor": 4,
  "PercentPhaseFOV": 100,
  "EchoTrainLength": 63,
  "PhaseEncodingSteps": 127,
  "AcquisitionMatrixPE": 128,
  "ReconMatrixPE": 128,
  "BandwidthPerPixelPhaseEncode": 23.321,
  "ParallelReductionFactorInPlane": 2,
  "EffectiveEchoSpacing": 0.000334999,
  "DerivedVendorReportedEchoSpacing": 0.000669997,
  "TotalReadoutTime": 0.0425448,
  "PixelBandwidth": 1775,
  "DwellTime": 2.2e-06,
  "PhaseEncodingDirection": "j-",
  "SliceTiming": [
    0,
    0.265,
    0.5275,
    0.79,
    1.055,
    0.0875,
    0.3525,
    0.615,
    0.88,
    1.1425,
    0.175,
    0.44,
    0.7025,
    0.9675,
    0,
    0.265,
    0.5275,
    0.79,
    1.055,
    0.0875,
    0.3525,
    0.615,
    0.88,
    1.1425,
    0.175,
    0.44,
    0.7025,
    0.9675,
    0,
    0.265,
    0.5275,
    0.79,
    1.055,
    0.0875,
    0.3525,
    0.615,
    0.88,
    1.1425,
    0.175,
    0.44,
    0.7025,
    0.9675,
    0,
    0.265,
    0.5275,
    0.79,
    1.055,
    0.0875,
    0.3525,
    0.615,
    0.88,
    1.1425,
    0.175,
    0.44,
    0.7025,
    0.9675
  ],
  "ImageOrientationPatientDICOM": [
    1,
    0,
    0,
    0,
    1,
    0
  ],
  "InPlanePhaseEncodingDirectionDICOM": "COL",
  "ConversionSoftware": "dcm2niix",
  "ConversionSoftwareVersion": "v1.0.20190902",
  "ShiftedAquisitionDate": "1817-03-26"
}