{
  "Modality": "MR",
  "MagneticFieldStrength": 3,
  "ImagingFrequency": 123.224,
  "Manufacturer": "Siemens",
  "ManufacturersModelName": "Skyra",
  "InstitutionName": "The_Univ._of_Texas_at_Austin_IRC",
  "InstitutionalDepartmentName": "IRC",
  "InstitutionAddress": "E_24th_St._100_Austin_Southmiddle_US_78712",
  "DeviceSerialNumber": "45239",
  "StationName": "AWP45239",
  "BodyPartExamined": "BRAIN",
  "PatientPosition": "HFS",
  "ProcedureStepDescription": "Booth_Language",
  "SoftwareVersions": "syngo_MR_D13",
  "MRAcquisitionType": "2D",
  "SeriesDescription": "Phon1",
  "ProtocolName": "Phon1",
  "ScanningSequence": "EP",
  "SequenceVariant": "SK_SS",
  "ScanOptions": "FS",
  "SequenceName": "epfid2d1_128",
  "ImageType": [
    "ORIGINAL",
    "PRIMARY",
    "M",
    "MB",
    "ND",
    "MOSAIC"
  ],
  "SeriesNumber": 7,
  "AcquisitionTime": "17:19:23.032500",
  "AcquisitionNumber": 1,
  "ImageComments": "Unaliased_MB4_PE4",
  "SliceThickness": 2,
  "SpacingBetweenSlices": 2,
  "SAR": 0.24812,
  "EchoTime": 0.03,
  "RepetitionTime": 1.25,
  "FlipAngle": 80,
  "PartialFourier": 1,
  "BaseResolution": 128,
  "ShimSetting": [
    -2952,
    8004,
    -15470,
    -1202,
    57,
    -227,
    -126,
    -92
  ],
  "TxRefAmp": 323.505,
  "PhaseResolution": 1,
  "ReceiveCoilName": "HeadNeck_64",
  "ReceiveCoilActiveElements": "HC1-7",
  "PulseSequenceDetails": "%CustomerSeq%_cmrr_mbep2d_bold",
  "WipMemBlock": "31461421-bcc6-4303-ae69-b28b6a20e068||Sequence: vd13a/master r/58f62de; Dec 19 2014 18:04:02 by eja",
  "RefLinesPE": 100,
  "ConsistencyInfo": "N4_VD13A_LATEST_20120616",
  "MultibandAccelerationFactor": 4,
  "PercentPhaseFOV": 100,
  "EchoTrainLength": 63,
  "PhaseEncodingSteps": 127,
  "AcquisitionMatrixPE": 128,
  "ReconMatrixPE": 128,
  "BandwidthPerPixelPhaseEncode": 22.645,
  "ParallelReductionFactorInPlane": 2,
  "EffectiveEchoSpacing": 0.000344999,
  "DerivedVendorReportedEchoSpacing": 0.000689998,
  "TotalReadoutTime": 0.0438149,
  "PixelBandwidth": 1775,
  "DwellTime": 2.2e-06,
  "PhaseEncodingDirection": "j-",
  "SliceTiming": [
    0,
    0.265,
    0.5275,
    0.7925,
    1.055,
    0.09,
    0.3525,
    0.615,
    0.88,
    1.1425,
    0.1775,
    0.44,
    0.705,
    0.9675,
    0,
    0.265,
    0.5275,
    0.7925,
    1.055,
    0.09,
    0.3525,
    0.615,
    0.88,
    1.1425,
    0.1775,
    0.44,
    0.705,
    0.9675,
    0,
    0.265,
    0.5275,
    0.7925,
    1.055,
    0.09,
    0.3525,
    0.615,
    0.88,
    1.1425,
    0.1775,
    0.44,
    0.705,
    0.9675,
    0,
    0.265,
    0.5275,
    0.7925,
    1.055,
    0.09,
    0.3525,
    0.615,
    0.88,
    1.1425,
    0.1775,
    0.44,
    0.705,
    0.9675
  ],
  "ImageOrientationPatientDICOM": [
    0.997487,
    0.000151195,
    -0.0708456,
    0.000230887,
    0.999985,
    0.00538494
  ],
  "InPlanePhaseEncodingDirectionDICOM": "COL",
  "ConversionSoftware": "dcm2niix",
  "ConversionSoftwareVersion": "v1.0.20190902",
  "ShiftedAquisitionDate": "1814-05-15"
}