{
  "Modality": "MR",
  "MagneticFieldStrength": 3,
  "ImagingFrequency": 123.172,
  "Manufacturer": "Siemens",
  "ManufacturersModelName": "Skyra",
  "InstitutionName": "The_Univ._of_Texas_at_Austin_IRC",
  "InstitutionalDepartmentName": "IRC",
  "InstitutionAddress": "E_24th_St._100_Austin_Southmiddle_US_78712",
  "DeviceSerialNumber": "45239",
  "StationName": "AWP45239",
  "BodyPartExamined": "BRAIN",
  "PatientPosition": "HFS",
  "ProcedureStepDescription": "Booth_Language",
  "SoftwareVersions": "syngo_MR_E11",
  "MRAcquisitionType": "2D",
  "SeriesDescription": "fieldmap",
  "ProtocolName": "fieldmap",
  "ScanningSequence": "GR",
  "SequenceVariant": "SP",
  "SequenceName": "_fm2d2r",
  "ImageType": [
    "ORIGINAL",
    "PRIMARY",
    "P",
    "ND"
  ],
  "SeriesNumber": 20,
  "AcquisitionTime": "10:53:11.195000",
  "AcquisitionNumber": 1,
  "SliceThickness": 3,
  "SpacingBetweenSlices": 6,
  "SAR": 0.309787,
  "EchoNumber": 2,
  "EchoTime": 0.00738,
  "RepetitionTime": 0.6,
  "FlipAngle": 60,
  "PartialFourier": 1,
  "BaseResolution": 64,
  "ShimSetting": [
    -2777,
    7923,
    -15415,
    -33,
    415,
    -1273,
    -59,
    -393
  ],
  "TxRefAmp": 318.666,
  "PhaseResolution": 1,
  "ReceiveCoilName": "HeadNeck_64",
  "ReceiveCoilActiveElements": "HC1-6",
  "PulseSequenceDetails": "%SiemensSeq%_gre_field_mapping",
  "ConsistencyInfo": "N4_VE11C_LATEST_20160120",
  "PercentPhaseFOV": 100,
  "PhaseEncodingSteps": 64,
  "AcquisitionMatrixPE": 64,
  "ReconMatrixPE": 64,
  "PixelBandwidth": 300,
  "DwellTime": 2.6e-05,
  "PhaseEncodingDirection": "i",
  "SliceTiming": [
    0,
    0.30469,
    0.01562,
    0.32031,
    0.02344,
    0.32812,
    0.03125,
    0.33594,
    0.03906,
    0.34375,
    0.05469,
    0.35938,
    0.0625,
    0.36719,
    0.07812,
    0.38281,
    0.08594,
    0.39062,
    0.09375,
    0.39844,
    0.10156,
    0.40625,
    0.11719,
    0.42188,
    0.125,
    0.42969,
    0.14062,
    0.44531,
    0.14844,
    0.45312,
    0.15625,
    0.46094,
    0.17188,
    0.47656,
    0.17969,
    0.48438,
    0.1875,
    0.49219,
    0.20312,
    0.50781,
    0.21094,
    0.51562,
    0.21875,
    0.52344,
    0.23438,
    0.53906,
    0.24219,
    0.54688,
    0.25,
    0.55469,
    0.26562,
    0.57031,
    0.27344,
    0.57812,
    0.28125,
    0.58594,
    0.29688
  ],
  "ImageOrientationPatientDICOM": [
    1,
    4.897e-12,
    0,
    -4.897e-12,
    1,
    0
  ],
  "InPlanePhaseEncodingDirectionDICOM": "ROW",
  "ConversionSoftware": "dcm2niix",
  "ConversionSoftwareVersion": "v1.0.20190902",
  "ShiftedAquisitionDate": "1817-05-19 00:00:00",
  "EchoTime1": 0.00492,
  "EchoTime2": 0.00738,
  "IntendedFor": "ses-7/dwi/sub-5457_ses-7_acq-D2S18_dwi.nii.gz"
}