{
  "Modality": "MR",
  "MagneticFieldStrength": 3,
  "ImagingFrequency": 123.224,
  "Manufacturer": "Siemens",
  "ManufacturersModelName": "Skyra",
  "InstitutionName": "The_Univ._of_Texas_at_Austin_IRC",
  "InstitutionalDepartmentName": "IRC",
  "InstitutionAddress": "E_24th_St._100_Austin_Southmiddle_US_78712",
  "DeviceSerialNumber": "45239",
  "StationName": "AWP45239",
  "BodyPartExamined": "BRAIN",
  "PatientPosition": "HFS",
  "ProcedureStepDescription": "Booth_Language",
  "SoftwareVersions": "syngo_MR_D13",
  "MRAcquisitionType": "2D",
  "SeriesDescription": "Gram1",
  "ProtocolName": "Gram1",
  "ScanningSequence": "EP",
  "SequenceVariant": "SK_SS",
  "ScanOptions": "FS",
  "SequenceName": "epfid2d1_128",
  "ImageType": [
    "ORIGINAL",
    "PRIMARY",
    "M",
    "MB",
    "ND",
    "MOSAIC"
  ],
  "SeriesNumber": 7,
  "AcquisitionTime": "10:15:52.850000",
  "AcquisitionNumber": 1,
  "ImageComments": "Unaliased_MB4_PE4",
  "SliceThickness": 2,
  "SpacingBetweenSlices": 2,
  "SAR": 0.177514,
  "EchoTime": 0.0376,
  "RepetitionTime": 1.25,
  "FlipAngle": 80,
  "PartialFourier": 1,
  "BaseResolution": 128,
  "ShimSetting": [
    -2871,
    7871,
    -15561,
    -856,
    -130,
    -457,
    436,
    -14
  ],
  "TxRefAmp": 342.441,
  "PhaseResolution": 1,
  "ReceiveCoilName": "HeadNeck_64",
  "ReceiveCoilActiveElements": "HC3-6",
  "PulseSequenceDetails": "%CustomerSeq%_cmrr_mbep2d_bold",
  "WipMemBlock": "2bf85629-2a68-43a2-9380-de22a1a0d1cd||Sequence: vd13a/R012 r/b34510a; May 18 2015 10:31:31 by eja",
  "RefLinesPE": 100,
  "ConsistencyInfo": "N4_VD13A_LATEST_20120616",
  "MultibandAccelerationFactor": 4,
  "PercentPhaseFOV": 100,
  "EchoTrainLength": 63,
  "PhaseEncodingSteps": 127,
  "AcquisitionMatrixPE": 128,
  "ReconMatrixPE": 128,
  "BandwidthPerPixelPhaseEncode": 22.645,
  "ParallelReductionFactorInPlane": 2,
  "EffectiveEchoSpacing": 0.000344999,
  "DerivedVendorReportedEchoSpacing": 0.000689998,
  "TotalReadoutTime": 0.0438149,
  "PixelBandwidth": 1775,
  "DwellTime": 2.2e-06,
  "PhaseEncodingDirection": "j-",
  "SliceTiming": [
    0,
    0.2625,
    0.525,
    0.79,
    1.0525,
    0.0875,
    0.35,
    0.615,
    0.8775,
    1.14,
    0.175,
    0.4375,
    0.7025,
    0.965,
    0,
    0.2625,
    0.525,
    0.79,
    1.0525,
    0.0875,
    0.35,
    0.615,
    0.8775,
    1.14,
    0.175,
    0.4375,
    0.7025,
    0.965,
    0,
    0.2625,
    0.525,
    0.79,
    1.0525,
    0.0875,
    0.35,
    0.615,
    0.8775,
    1.14,
    0.175,
    0.4375,
    0.7025,
    0.965,
    0,
    0.2625,
    0.525,
    0.79,
    1.0525,
    0.0875,
    0.35,
    0.615,
    0.8775,
    1.14,
    0.175,
    0.4375,
    0.7025,
    0.965
  ],
  "ImageOrientationPatientDICOM": [
    0.999999,
    -0.00022549,
    -0.00109391,
    0.00023138,
    0.999985,
    0.00538751
  ],
  "InPlanePhaseEncodingDirectionDICOM": "COL",
  "ConversionSoftware": "dcm2niix",
  "ConversionSoftwareVersion": "v1.0.20190902",
  "ShiftedAquisitionDate": "1815-07-25"
}