{
  "Modality": "MR",
  "MagneticFieldStrength": 3,
  "ImagingFrequency": 123.224,
  "Manufacturer": "Siemens",
  "ManufacturersModelName": "Skyra",
  "InstitutionName": "The_Univ._of_Texas_at_Austin_IRC",
  "InstitutionalDepartmentName": "IRC",
  "InstitutionAddress": "E_24th_St._100_Austin_Southmiddle_US_78712",
  "DeviceSerialNumber": "45239",
  "StationName": "AWP45239",
  "BodyPartExamined": "BRAIN",
  "PatientPosition": "HFS",
  "ProcedureStepDescription": "Booth_Language",
  "SoftwareVersions": "syngo_MR_D13",
  "MRAcquisitionType": "2D",
  "SeriesDescription": "Plaus2",
  "ProtocolName": "Plaus2",
  "ScanningSequence": "EP",
  "SequenceVariant": "SK_SS",
  "ScanOptions": "FS",
  "SequenceName": "epfid2d1_128",
  "ImageType": [
    "ORIGINAL",
    "PRIMARY",
    "M",
    "MB",
    "ND",
    "MOSAIC"
  ],
  "SeriesNumber": 3,
  "AcquisitionTime": "16:19:10.960000",
  "AcquisitionNumber": 1,
  "ImageComments": "Unaliased_MB4_PE4",
  "SliceThickness": 2,
  "SpacingBetweenSlices": 2,
  "SAR": 0.228657,
  "EchoTime": 0.03,
  "RepetitionTime": 1.25,
  "FlipAngle": 80,
  "PartialFourier": 1,
  "BaseResolution": 128,
  "ShimSetting": [
    -2819,
    7973,
    -15475,
    -1202,
    -128,
    342,
    91,
    20
  ],
  "TxRefAmp": 347.44,
  "PhaseResolution": 1,
  "ReceiveCoilName": "HeadNeck_64",
  "ReceiveCoilActiveElements": "HC2,4,6",
  "CoilString": "HC2_4_6",
  "PulseSequenceDetails": "%CustomerSeq%_cmrr_mbep2d_bold",
  "WipMemBlock": "a1b8fae4-cd00-443b-991d-8ab54a2a0609||Sequence: vd13a/R012 r/b64934c; Jul  9 2015 19:58:09 by eja",
  "RefLinesPE": 100,
  "ConsistencyInfo": "N4_VD13A_LATEST_20120616",
  "MultibandAccelerationFactor": 4,
  "PercentPhaseFOV": 100,
  "EchoTrainLength": 63,
  "PhaseEncodingSteps": 127,
  "AcquisitionMatrixPE": 128,
  "ReconMatrixPE": 128,
  "BandwidthPerPixelPhaseEncode": 22.645,
  "ParallelReductionFactorInPlane": 2,
  "EffectiveEchoSpacing": 0.000344999,
  "DerivedVendorReportedEchoSpacing": 0.000689998,
  "TotalReadoutTime": 0.0438149,
  "PixelBandwidth": 1775,
  "DwellTime": 2.2e-06,
  "PhaseEncodingDirection": "j-",
  "SliceTiming": [
    0,
    0.265,
    0.5275,
    0.7925,
    1.055,
    0.09,
    0.3525,
    0.615,
    0.88,
    1.1425,
    0.1775,
    0.44,
    0.705,
    0.9675,
    0,
    0.265,
    0.5275,
    0.7925,
    1.055,
    0.09,
    0.3525,
    0.615,
    0.88,
    1.1425,
    0.1775,
    0.44,
    0.705,
    0.9675,
    0,
    0.265,
    0.5275,
    0.7925,
    1.055,
    0.09,
    0.3525,
    0.615,
    0.88,
    1.1425,
    0.1775,
    0.44,
    0.705,
    0.9675,
    0,
    0.265,
    0.5275,
    0.7925,
    1.055,
    0.09,
    0.3525,
    0.615,
    0.88,
    1.1425,
    0.1775,
    0.44,
    0.705,
    0.9675
  ],
  "ImageOrientationPatientDICOM": [
    0.999971,
    -0.000166081,
    0.00763439,
    0.000231442,
    0.999963,
    -0.00856136
  ],
  "InPlanePhaseEncodingDirectionDICOM": "COL",
  "ConversionSoftware": "dcm2niix",
  "ConversionSoftwareVersion": "v1.0.20190902",
  "ShiftedAquisitionDate": "1815-05-29"
}