{
  "Modality": "MR",
  "MagneticFieldStrength": 3,
  "ImagingFrequency": 123.224,
  "Manufacturer": "Siemens",
  "ManufacturersModelName": "Skyra",
  "InstitutionName": "The_Univ._of_Texas_at_Austin_IRC",
  "InstitutionalDepartmentName": "IRC",
  "InstitutionAddress": "E_24th_St._100_Austin_Southmiddle_US_78712",
  "DeviceSerialNumber": "45239",
  "StationName": "AWP45239",
  "BodyPartExamined": "BRAIN",
  "PatientPosition": "HFS",
  "ProcedureStepDescription": "Booth_Language",
  "SoftwareVersions": "syngo_MR_D13",
  "MRAcquisitionType": "2D",
  "SeriesDescription": "DTI64",
  "ProtocolName": "DTI64",
  "ScanningSequence": "EP",
  "SequenceVariant": "SK_SS",
  "ScanOptions": "PFP_FS",
  "SequenceName": "ep_b0",
  "ImageType": [
    "ORIGINAL",
    "PRIMARY",
    "DIFFUSION",
    "NONE",
    "MB",
    "ND",
    "MOSAIC"
  ],
  "SeriesNumber": 22,
  "AcquisitionTime": "15:50:4.312500",
  "AcquisitionNumber": 1,
  "ImageComments": "Unaliased_MB3_PE4",
  "SliceThickness": 1.7,
  "SpacingBetweenSlices": 1.7,
  "SAR": 0.181736,
  "EchoTime": 0.07,
  "RepetitionTime": 5,
  "FlipAngle": 90,
  "PartialFourier": 0.75,
  "BaseResolution": 128,
  "ShimSetting": [
    -2893,
    8028,
    -15503,
    -1215,
    -605,
    214,
    42,
    124
  ],
  "DiffusionScheme": "Monopolar",
  "TxRefAmp": 347.695,
  "PhaseResolution": 1,
  "ReceiveCoilName": "HeadNeck_64",
  "ReceiveCoilActiveElements": "HC3-6",
  "PulseSequenceDetails": "%CustomerSeq%_cmrr_mbep2d_diff",
  "WipMemBlock": "67157928-17eb-4336-a9b0-b40b5ddd3cbe||Sequence: vd13a/master r/58f62de; Dec 19 2014 18:10:13 by eja",
  "RefLinesPE": 64,
  "ConsistencyInfo": "N4_VD13A_LATEST_20120616",
  "MultibandAccelerationFactor": 3,
  "PercentPhaseFOV": 100,
  "EchoTrainLength": 48,
  "PhaseEncodingSteps": 96,
  "AcquisitionMatrixPE": 128,
  "ReconMatrixPE": 128,
  "BandwidthPerPixelPhaseEncode": 20.292,
  "ParallelReductionFactorInPlane": 2,
  "EffectiveEchoSpacing": 0.000385004,
  "DerivedVendorReportedEchoSpacing": 0.000770008,
  "TotalReadoutTime": 0.0488955,
  "PixelBandwidth": 1630,
  "DwellTime": 2.4e-06,
  "PhaseEncodingDirection": "i",
  "SliceTiming": [
    0,
    1.1325,
    2.265,
    3.3975,
    4.5275,
    0.68,
    1.8125,
    2.9425,
    4.075,
    0.2275,
    1.36,
    2.49,
    3.6225,
    4.755,
    0.9075,
    2.0375,
    3.17,
    4.3025,
    0.4525,
    1.585,
    2.7175,
    3.85,
    0,
    1.1325,
    2.265,
    3.3975,
    4.5275,
    0.68,
    1.8125,
    2.9425,
    4.075,
    0.2275,
    1.36,
    2.49,
    3.6225,
    4.755,
    0.9075,
    2.0375,
    3.17,
    4.3025,
    0.4525,
    1.585,
    2.7175,
    3.85,
    0,
    1.1325,
    2.265,
    3.3975,
    4.5275,
    0.68,
    1.8125,
    2.9425,
    4.075,
    0.2275,
    1.36,
    2.49,
    3.6225,
    4.755,
    0.9075,
    2.0375,
    3.17,
    4.3025,
    0.4525,
    1.585,
    2.7175,
    3.85
  ],
  "ImageOrientationPatientDICOM": [
    1,
    -2.05103e-10,
    0,
    2.05103e-10,
    1,
    0
  ],
  "InPlanePhaseEncodingDirectionDICOM": "ROW",
  "ConversionSoftware": "dcm2niix",
  "ConversionSoftwareVersion": "v1.0.20190902",
  "ShiftedAquisitionDate": "1814-10-28 00:00:00"
}