{
  "Modality": "MR",
  "MagneticFieldStrength": 3,
  "ImagingFrequency": 123.224,
  "Manufacturer": "Siemens",
  "ManufacturersModelName": "Skyra",
  "InstitutionName": "The_Univ._of_Texas_at_Austin_IRC",
  "InstitutionalDepartmentName": "IRC",
  "InstitutionAddress": "E_24th_St._100_Austin_Southmiddle_US_78712",
  "DeviceSerialNumber": "45239",
  "StationName": "AWP45239",
  "BodyPartExamined": "BRAIN",
  "PatientPosition": "HFS",
  "ProcedureStepDescription": "Booth_Language",
  "SoftwareVersions": "syngo_MR_E11",
  "MRAcquisitionType": "2D",
  "SeriesDescription": "Plaus1",
  "ProtocolName": "Plaus1",
  "ScanningSequence": "EP",
  "SequenceVariant": "SK_SS",
  "ScanOptions": "FS",
  "SequenceName": "epfid2d1_128",
  "ImageType": [
    "ORIGINAL",
    "PRIMARY",
    "M",
    "MB",
    "ND",
    "MOSAIC"
  ],
  "SeriesNumber": 8,
  "AcquisitionTime": "13:38:0.640000",
  "AcquisitionNumber": 1,
  "ImageComments": "Unaliased_MB4_PE4_LB",
  "SliceThickness": 2,
  "SpacingBetweenSlices": 2,
  "SAR": 0.338047,
  "EchoTime": 0.03,
  "RepetitionTime": 1.25,
  "FlipAngle": 80,
  "PartialFourier": 1,
  "BaseResolution": 128,
  "ShimSetting": [
    -2855,
    7906,
    -15490,
    -780,
    -362,
    0,
    168,
    141
  ],
  "TxRefAmp": 337.658,
  "PhaseResolution": 1,
  "ReceiveCoilName": "HeadNeck_64",
  "ReceiveCoilActiveElements": "HC1-6",
  "PulseSequenceDetails": "%CustomerSeq%_cmrr_mbep2d_bold",
  "WipMemBlock": "0b1d0440-9e34-49b2-8ceb-8a573f58e844||Sequence: ve11a/master r/3765ccc; Dec 14 2015 15:37:15 by eja",
  "RefLinesPE": 58,
  "ConsistencyInfo": "N4_VE11A_LATEST_20140830",
  "MultibandAccelerationFactor": 4,
  "PercentPhaseFOV": 100,
  "EchoTrainLength": 63,
  "PhaseEncodingSteps": 127,
  "AcquisitionMatrixPE": 128,
  "ReconMatrixPE": 128,
  "BandwidthPerPixelPhaseEncode": 23.321,
  "ParallelReductionFactorInPlane": 2,
  "EffectiveEchoSpacing": 0.000334999,
  "DerivedVendorReportedEchoSpacing": 0.000669997,
  "TotalReadoutTime": 0.0425448,
  "PixelBandwidth": 1775,
  "DwellTime": 2.2e-06,
  "PhaseEncodingDirection": "j-",
  "SliceTiming": [
    0,
    0.2625,
    0.525,
    0.79,
    1.0525,
    0.0875,
    0.35,
    0.615,
    0.8775,
    1.14,
    0.175,
    0.4375,
    0.7025,
    0.965,
    0,
    0.2625,
    0.525,
    0.79,
    1.0525,
    0.0875,
    0.35,
    0.615,
    0.8775,
    1.14,
    0.175,
    0.4375,
    0.7025,
    0.965,
    0,
    0.2625,
    0.525,
    0.79,
    1.0525,
    0.0875,
    0.35,
    0.615,
    0.8775,
    1.14,
    0.175,
    0.4375,
    0.7025,
    0.965,
    0,
    0.2625,
    0.525,
    0.79,
    1.0525,
    0.0875,
    0.35,
    0.615,
    0.8775,
    1.14,
    0.175,
    0.4375,
    0.7025,
    0.965
  ],
  "ImageOrientationPatientDICOM": [
    1,
    0,
    0,
    0,
    1,
    0
  ],
  "InPlanePhaseEncodingDirectionDICOM": "COL",
  "ConversionSoftware": "dcm2niix",
  "ConversionSoftwareVersion": "v1.0.20190902",
  "ShiftedAquisitionDate": "1816-03-15"
}