{
  "Modality": "MR",
  "MagneticFieldStrength": 3,
  "ImagingFrequency": 123.186,
  "Manufacturer": "Siemens",
  "ManufacturersModelName": "Skyra",
  "InstitutionName": "The_Univ._of_Texas_at_Austin_IRC",
  "InstitutionalDepartmentName": "IRC",
  "InstitutionAddress": "E_24th_St._100_Austin_Southmiddle_US_78712",
  "DeviceSerialNumber": "45239",
  "StationName": "AWP45239",
  "BodyPartExamined": "BRAIN",
  "PatientPosition": "HFS",
  "ProcedureStepDescription": "Booth_Language",
  "SoftwareVersions": "syngo_MR_E11",
  "MRAcquisitionType": "2D",
  "SeriesDescription": "MB_DTI_64_Directions",
  "ProtocolName": "MB_DTI_64_Directions",
  "ScanningSequence": "EP",
  "SequenceVariant": "SK_SS",
  "ScanOptions": "PFP_FS",
  "SequenceName": "ep_b5#1",
  "ImageType": [
    "ORIGINAL",
    "PRIMARY",
    "DIFFUSION",
    "NONE",
    "MB",
    "ND",
    "MOSAIC"
  ],
  "SeriesNumber": 12,
  "AcquisitionTime": "11:24:38.205000",
  "AcquisitionNumber": 1,
  "ImageComments": "Unaliased_MB3_PE4",
  "SliceThickness": 2,
  "SpacingBetweenSlices": 4,
  "SAR": 0.214513,
  "EchoTime": 0.071,
  "RepetitionTime": 5,
  "FlipAngle": 90,
  "PartialFourier": 0.75,
  "BaseResolution": 128,
  "ShimSetting": [
    -2766,
    7836,
    -15621,
    -55,
    247,
    -1192,
    -79,
    82
  ],
  "DiffusionScheme": "Monopolar",
  "TxRefAmp": 337.237,
  "PhaseResolution": 1,
  "ReceiveCoilName": "HeadNeck_64",
  "ReceiveCoilActiveElements": "HC1-7;NC1",
  "PulseSequenceDetails": "%CustomerSeq%_cmrr_mbep2d_diff",
  "WipMemBlock": "c7f93888-88c9-4029-8b62-5d05b44fb79f||Sequence: R016 ve11c/master r/e634e98; Dec 19 2017 11:11:25 by eja",
  "RefLinesPE": 38,
  "ConsistencyInfo": "N4_VE11C_LATEST_20160120",
  "MultibandAccelerationFactor": 3,
  "PercentPhaseFOV": 100,
  "EchoTrainLength": 51,
  "PhaseEncodingSteps": 102,
  "AcquisitionMatrixPE": 128,
  "ReconMatrixPE": 128,
  "BandwidthPerPixelPhaseEncode": 20.833,
  "ParallelReductionFactorInPlane": 2,
  "EffectiveEchoSpacing": 0.000375006,
  "DerivedVendorReportedEchoSpacing": 0.000750012,
  "TotalReadoutTime": 0.0476258,
  "PixelBandwidth": 1500,
  "DwellTime": 2.6e-06,
  "PhaseEncodingDirection": "j-",
  "SliceTiming": [
    0,
    2.62,
    0.26,
    2.8825,
    0.5225,
    3.145,
    0.785,
    3.405,
    1.0475,
    3.6675,
    1.31,
    3.93,
    1.5725,
    4.1925,
    1.8325,
    4.455,
    2.095,
    4.7175,
    2.3575,
    0,
    2.62,
    0.26,
    2.8825,
    0.5225,
    3.145,
    0.785,
    3.405,
    1.0475,
    3.6675,
    1.31,
    3.93,
    1.5725,
    4.1925,
    1.8325,
    4.455,
    2.095,
    4.7175,
    2.3575,
    0,
    2.62,
    0.26,
    2.8825,
    0.5225,
    3.145,
    0.785,
    3.405,
    1.0475,
    3.6675,
    1.31,
    3.93,
    1.5725,
    4.1925,
    1.8325,
    4.455,
    2.095,
    4.7175,
    2.3575
  ],
  "ImageOrientationPatientDICOM": [
    1,
    0,
    0,
    0,
    1,
    0
  ],
  "InPlanePhaseEncodingDirectionDICOM": "COL",
  "ConversionSoftware": "dcm2niix",
  "ConversionSoftwareVersion": "v1.0.20190902",
  "ShiftedAquisitionDate": "1819-02-11 00:00:00"
}