{
  "Modality": "MR",
  "MagneticFieldStrength": 3,
  "ImagingFrequency": 123.224,
  "Manufacturer": "Siemens",
  "ManufacturersModelName": "Skyra",
  "InstitutionName": "The_Univ._of_Texas_at_Austin_IRC",
  "InstitutionalDepartmentName": "IRC",
  "InstitutionAddress": "E_24th_St._100_Austin_Southmiddle_US_78712",
  "DeviceSerialNumber": "45239",
  "StationName": "AWP45239",
  "BodyPartExamined": "BRAIN",
  "PatientPosition": "HFS",
  "ProcedureStepDescription": "Booth_Language",
  "SoftwareVersions": "syngo_MR_D13",
  "MRAcquisitionType": "2D",
  "SeriesDescription": "MB_DTI_64_Directions_SBRef",
  "ProtocolName": "MB_DTI_64_Directions",
  "ScanningSequence": "EP",
  "SequenceVariant": "SK_SS",
  "ScanOptions": "PFP_FS",
  "SequenceName": "epse2d1_128",
  "ImageType": [
    "ORIGINAL",
    "PRIMARY",
    "M",
    "ND",
    "MOSAIC"
  ],
  "SeriesNumber": 8,
  "AcquisitionTime": "11:20:27.800000",
  "AcquisitionNumber": 1,
  "ImageComments": "Single-band_reference",
  "SliceThickness": 2,
  "SpacingBetweenSlices": 4,
  "SAR": 0.203735,
  "EchoTime": 0.071,
  "RepetitionTime": 5,
  "FlipAngle": 90,
  "PartialFourier": 0.75,
  "BaseResolution": 128,
  "ShimSetting": [
    -2889,
    7963,
    -15516,
    -1031,
    139,
    -428,
    -46,
    53
  ],
  "TxRefAmp": 341.6,
  "PhaseResolution": 1,
  "ReceiveCoilName": "HeadNeck_64",
  "ReceiveCoilActiveElements": "HC1-7;NC1",
  "PulseSequenceDetails": "%CustomerSeq%_cmrr_mbep2d_diff",
  "WipMemBlock": "f8696a42-60f0-40ad-8c8a-a5b363438009||Sequence: vd13a/master r/58f62de; Dec 19 2014 18:10:13 by eja",
  "RefLinesPE": 38,
  "ConsistencyInfo": "N4_VD13A_LATEST_20120616",
  "PercentPhaseFOV": 100,
  "EchoTrainLength": 51,
  "PhaseEncodingSteps": 102,
  "AcquisitionMatrixPE": 128,
  "ReconMatrixPE": 128,
  "BandwidthPerPixelPhaseEncode": 20.833,
  "ParallelReductionFactorInPlane": 2,
  "EffectiveEchoSpacing": 0.000375006,
  "DerivedVendorReportedEchoSpacing": 0.000750012,
  "TotalReadoutTime": 0.0476258,
  "PixelBandwidth": 1500,
  "DwellTime": 2.6e-06,
  "PhaseEncodingDirection": "j-",
  "SliceTiming": [
    0,
    0.2625,
    0.525,
    0.7875,
    1.05,
    1.3125,
    1.575,
    1.835,
    2.0975,
    2.36,
    2.6225,
    2.885,
    3.1475,
    3.4075,
    3.67,
    3.9325,
    4.195,
    4.4575,
    4.72,
    4.98,
    5.2425,
    5.505,
    5.7675,
    6.03,
    6.2925,
    6.5525,
    6.815,
    7.0775,
    7.34,
    7.6025,
    7.865,
    8.1275,
    8.3875,
    8.65,
    8.9125,
    9.175,
    9.4375,
    9.7,
    9.96,
    10.2225,
    10.485,
    10.7475,
    11.01,
    11.2725,
    11.5325,
    11.795,
    12.0575,
    12.32,
    12.5825,
    12.845,
    13.105,
    13.3675,
    13.63,
    13.8925,
    14.155,
    14.4175,
    14.68
  ],
  "ImageOrientationPatientDICOM": [
    0.999976,
    0,
    -0.00698126,
    0,
    1,
    0
  ],
  "InPlanePhaseEncodingDirectionDICOM": "COL",
  "ConversionSoftware": "dcm2niix",
  "ConversionSoftwareVersion": "v1.0.20190902",
  "ShiftedAquisitionDate": "1814-07-11 00:00:00"
}