{
  "Modality": "MR",
  "MagneticFieldStrength": 3,
  "ImagingFrequency": 123.224,
  "Manufacturer": "Siemens",
  "ManufacturersModelName": "Skyra",
  "InstitutionName": "The_Univ._of_Texas_at_Austin_IRC",
  "InstitutionalDepartmentName": "IRC",
  "InstitutionAddress": "E_24th_St._100_Austin_Southmiddle_US_78712",
  "DeviceSerialNumber": "45239",
  "StationName": "AWP45239",
  "BodyPartExamined": "BRAIN",
  "PatientPosition": "HFS",
  "ProcedureStepDescription": "Booth_Language",
  "SoftwareVersions": "syngo_MR_D13",
  "MRAcquisitionType": "2D",
  "SeriesDescription": "MB_DTI_64_Directions",
  "ProtocolName": "MB_DTI_64_Directions",
  "ScanningSequence": "EP",
  "SequenceVariant": "SK_SS",
  "ScanOptions": "PFP_FS",
  "SequenceName": "ep_b5#1",
  "ImageType": [
    "ORIGINAL",
    "PRIMARY",
    "DIFFUSION",
    "NONE",
    "MB",
    "ND",
    "MOSAIC"
  ],
  "SeriesNumber": 16,
  "AcquisitionTime": "09:14:43.937500",
  "AcquisitionNumber": 1,
  "ImageComments": "Unaliased_MB3_PE4",
  "SliceThickness": 2,
  "SpacingBetweenSlices": 4,
  "SAR": 0.224368,
  "EchoTime": 0.071,
  "RepetitionTime": 5,
  "FlipAngle": 90,
  "PartialFourier": 0.75,
  "BaseResolution": 128,
  "ShimSetting": [
    -2797,
    7902,
    -15514,
    -1388,
    72,
    -589,
    -109,
    -70
  ],
  "DiffusionScheme": "Monopolar",
  "TxRefAmp": 324.547,
  "PhaseResolution": 1,
  "ReceiveCoilName": "HeadNeck_64",
  "ReceiveCoilActiveElements": "HC1-7;NC1",
  "PulseSequenceDetails": "%CustomerSeq%_cmrr_mbep2d_diff",
  "WipMemBlock": "893561db-a7e8-4f0a-a353-f6989ca6ccc2||Sequence: vd13a/master r/58f62de; Dec 19 2014 18:10:13 by eja",
  "RefLinesPE": 38,
  "ConsistencyInfo": "N4_VD13A_LATEST_20120616",
  "MultibandAccelerationFactor": 3,
  "PercentPhaseFOV": 100,
  "EchoTrainLength": 51,
  "PhaseEncodingSteps": 102,
  "AcquisitionMatrixPE": 128,
  "ReconMatrixPE": 128,
  "BandwidthPerPixelPhaseEncode": 20.833,
  "ParallelReductionFactorInPlane": 2,
  "EffectiveEchoSpacing": 0.000375006,
  "DerivedVendorReportedEchoSpacing": 0.000750012,
  "TotalReadoutTime": 0.0476258,
  "PixelBandwidth": 1500,
  "DwellTime": 2.6e-06,
  "PhaseEncodingDirection": "j-",
  "SliceTiming": [
    0,
    2.6225,
    0.2625,
    2.8825,
    0.525,
    3.145,
    0.7875,
    3.4075,
    1.05,
    3.67,
    1.31,
    3.9325,
    1.5725,
    4.195,
    1.835,
    4.455,
    2.0975,
    4.7175,
    2.36,
    0,
    2.6225,
    0.2625,
    2.8825,
    0.525,
    3.145,
    0.7875,
    3.4075,
    1.05,
    3.67,
    1.31,
    3.9325,
    1.5725,
    4.195,
    1.835,
    4.455,
    2.0975,
    4.7175,
    2.36,
    0,
    2.6225,
    0.2625,
    2.8825,
    0.525,
    3.145,
    0.7875,
    3.4075,
    1.05,
    3.67,
    1.31,
    3.9325,
    1.5725,
    4.195,
    1.835,
    4.455,
    2.0975,
    4.7175,
    2.36
  ],
  "ImageOrientationPatientDICOM": [
    0.996345,
    0,
    0.0854169,
    0,
    1,
    0
  ],
  "InPlanePhaseEncodingDirectionDICOM": "COL",
  "ConversionSoftware": "dcm2niix",
  "ConversionSoftwareVersion": "v1.0.20190902",
  "ShiftedAquisitionDate": "1815-02-05 00:00:00"
}