{
  "Modality": "MR",
  "MagneticFieldStrength": 3,
  "ImagingFrequency": 123.225,
  "Manufacturer": "Siemens",
  "ManufacturersModelName": "Skyra",
  "InstitutionName": "The_Univ._of_Texas_at_Austin_IRC",
  "InstitutionalDepartmentName": "IRC",
  "InstitutionAddress": "E_24th_St._100_Austin_Southmiddle_US_78712",
  "DeviceSerialNumber": "45239",
  "StationName": "AWP45239",
  "BodyPartExamined": "BRAIN",
  "PatientPosition": "HFS",
  "ProcedureStepDescription": "Booth_Language",
  "SoftwareVersions": "syngo_MR_E11",
  "MRAcquisitionType": "2D",
  "SeriesDescription": "Phon1",
  "ProtocolName": "Phon1",
  "ScanningSequence": "EP",
  "SequenceVariant": "SK_SS",
  "ScanOptions": "FS",
  "SequenceName": "epfid2d1_128",
  "ImageType": [
    "ORIGINAL",
    "PRIMARY",
    "M",
    "MB",
    "ND",
    "MOSAIC"
  ],
  "SeriesNumber": 5,
  "AcquisitionTime": "10:23:43.662500",
  "AcquisitionNumber": 1,
  "ImageComments": "Unaliased_MB4_PE4_LB",
  "SliceThickness": 2,
  "SpacingBetweenSlices": 2,
  "SAR": 0.276339,
  "EchoTime": 0.03,
  "RepetitionTime": 1.25,
  "FlipAngle": 80,
  "PartialFourier": 1,
  "BaseResolution": 128,
  "ShimSetting": [
    -2895,
    8081,
    -15464,
    -200,
    -52,
    -466,
    -480,
    -133
  ],
  "TxRefAmp": 376.013,
  "PhaseResolution": 1,
  "ReceiveCoilName": "HeadNeck_64",
  "ReceiveCoilActiveElements": "HC3-7",
  "PulseSequenceDetails": "%CustomerSeq%_cmrr_mbep2d_bold",
  "WipMemBlock": "cfadf4cf-a76e-4313-8fd7-59d39b6cc325||Sequence: R016 ve11a/master r/fdfe5be5; Nov 27 2017 15:45:20 by eja",
  "RefLinesPE": 58,
  "ConsistencyInfo": "N4_VE11A_LATEST_20140830",
  "MultibandAccelerationFactor": 4,
  "PercentPhaseFOV": 100,
  "EchoTrainLength": 63,
  "PhaseEncodingSteps": 127,
  "AcquisitionMatrixPE": 128,
  "ReconMatrixPE": 128,
  "BandwidthPerPixelPhaseEncode": 23.321,
  "ParallelReductionFactorInPlane": 2,
  "EffectiveEchoSpacing": 0.000334999,
  "DerivedVendorReportedEchoSpacing": 0.000669997,
  "TotalReadoutTime": 0.0425448,
  "PixelBandwidth": 1775,
  "DwellTime": 2.2e-06,
  "PhaseEncodingDirection": "j-",
  "SliceTiming": [
    0,
    0.265,
    0.5275,
    0.7925,
    1.055,
    0.09,
    0.3525,
    0.615,
    0.88,
    1.1425,
    0.1775,
    0.44,
    0.705,
    0.9675,
    0,
    0.265,
    0.5275,
    0.7925,
    1.055,
    0.09,
    0.3525,
    0.615,
    0.88,
    1.1425,
    0.1775,
    0.44,
    0.705,
    0.9675,
    0,
    0.265,
    0.5275,
    0.7925,
    1.055,
    0.09,
    0.3525,
    0.615,
    0.88,
    1.1425,
    0.1775,
    0.44,
    0.705,
    0.9675,
    0,
    0.265,
    0.5275,
    0.7925,
    1.055,
    0.09,
    0.3525,
    0.615,
    0.88,
    1.1425,
    0.1775,
    0.44,
    0.705,
    0.9675
  ],
  "ImageOrientationPatientDICOM": [
    1,
    0,
    0,
    0,
    1,
    0
  ],
  "InPlanePhaseEncodingDirectionDICOM": "COL",
  "ConversionSoftware": "dcm2niix",
  "ConversionSoftwareVersion": "v1.0.20190902",
  "ShiftedAquisitionDate": "1817-10-16"
}