{
  "Modality": "MR",
  "MagneticFieldStrength": 3,
  "ImagingFrequency": 123.172,
  "Manufacturer": "Siemens",
  "ManufacturersModelName": "Skyra",
  "InstitutionName": "The_Univ._of_Texas_at_Austin_IRC",
  "InstitutionalDepartmentName": "IRC",
  "InstitutionAddress": "E_24th_St._100_Austin_Southmiddle_US_78712",
  "DeviceSerialNumber": "45239",
  "StationName": "AWP45239",
  "BodyPartExamined": "BRAIN",
  "PatientPosition": "HFS",
  "ProcedureStepDescription": "Booth_Language",
  "SoftwareVersions": "syngo_MR_E11",
  "MRAcquisitionType": "2D",
  "SeriesDescription": "MB_DTI_64_Directions_SBRef",
  "ProtocolName": "MB_DTI_64_Directions",
  "ScanningSequence": "EP",
  "SequenceVariant": "SK_SS",
  "ScanOptions": "PFP_FS",
  "SequenceName": "epse2d1_128",
  "ImageType": [
    "ORIGINAL",
    "PRIMARY",
    "M",
    "ND",
    "MOSAIC"
  ],
  "SeriesNumber": 10,
  "AcquisitionTime": "13:11:33.005000",
  "AcquisitionNumber": 1,
  "ImageComments": "Single-band_reference",
  "SliceThickness": 2,
  "SpacingBetweenSlices": 4,
  "SAR": 0.221124,
  "EchoTime": 0.071,
  "RepetitionTime": 5,
  "FlipAngle": 90,
  "PartialFourier": 0.75,
  "BaseResolution": 128,
  "ShimSetting": [
    -2777,
    7950,
    -15589,
    -178,
    513,
    -1188,
    -67,
    -315
  ],
  "TxRefAmp": 321.746,
  "PhaseResolution": 1,
  "ReceiveCoilName": "HeadNeck_64",
  "ReceiveCoilActiveElements": "HC1-7;NC1,2",
  "CoilString": "HC1-7;NC1_2",
  "PulseSequenceDetails": "%CustomerSeq%_cmrr_mbep2d_diff",
  "WipMemBlock": "df735bcf-50c4-400f-9323-6649eff4765c||Sequence: R016 ve11c/master r/e634e98; Dec 19 2017 11:11:25 by eja",
  "RefLinesPE": 38,
  "ConsistencyInfo": "N4_VE11C_LATEST_20160120",
  "PercentPhaseFOV": 100,
  "EchoTrainLength": 51,
  "PhaseEncodingSteps": 102,
  "AcquisitionMatrixPE": 128,
  "ReconMatrixPE": 128,
  "BandwidthPerPixelPhaseEncode": 20.833,
  "ParallelReductionFactorInPlane": 2,
  "EffectiveEchoSpacing": 0.000375006,
  "DerivedVendorReportedEchoSpacing": 0.000750012,
  "TotalReadoutTime": 0.0476258,
  "PixelBandwidth": 1500,
  "DwellTime": 2.6e-06,
  "PhaseEncodingDirection": "j-",
  "SliceTiming": [
    0,
    0.26,
    0.5225,
    0.785,
    1.0475,
    1.31,
    1.5725,
    1.8325,
    2.095,
    2.3575,
    2.62,
    2.8825,
    3.145,
    3.405,
    3.6675,
    3.93,
    4.1925,
    4.455,
    4.7175,
    4.9775,
    5.24,
    5.5025,
    5.765,
    6.0275,
    6.29,
    6.5525,
    6.8125,
    7.075,
    7.3375,
    7.6,
    7.8625,
    8.125,
    8.385,
    8.6475,
    8.91,
    9.1725,
    9.435,
    9.6975,
    9.9575,
    10.22,
    10.4825,
    10.745,
    11.0075,
    11.27,
    11.53,
    11.7925,
    12.055,
    12.3175,
    12.58,
    12.8425,
    13.105,
    13.365,
    13.6275,
    13.89,
    14.1525,
    14.415,
    14.6775
  ],
  "ImageOrientationPatientDICOM": [
    1,
    0,
    0,
    0,
    1,
    0
  ],
  "InPlanePhaseEncodingDirectionDICOM": "COL",
  "ConversionSoftware": "dcm2niix",
  "ConversionSoftwareVersion": "v1.0.20190902",
  "ShiftedAquisitionDate": "1817-06-10 00:00:00"
}