{
  "Modality": "MR",
  "MagneticFieldStrength": 3,
  "ImagingFrequency": 123.225,
  "Manufacturer": "Siemens",
  "ManufacturersModelName": "Skyra",
  "InstitutionName": "The_Univ._of_Texas_at_Austin_IRC",
  "InstitutionalDepartmentName": "IRC",
  "InstitutionAddress": "E_24th_St._100_Austin_Southmiddle_US_78712",
  "DeviceSerialNumber": "45239",
  "StationName": "AWP45239",
  "BodyPartExamined": "BRAIN",
  "PatientPosition": "HFS",
  "ProcedureStepDescription": "Booth_Language",
  "SoftwareVersions": "syngo_MR_E11",
  "MRAcquisitionType": "2D",
  "SeriesDescription": "MB_DTI_64_Directions",
  "ProtocolName": "MB_DTI_64_Directions",
  "ScanningSequence": "EP",
  "SequenceVariant": "SK_SS",
  "ScanOptions": "PFP_FS",
  "SequenceName": "ep_b5#1",
  "ImageType": [
    "ORIGINAL",
    "PRIMARY",
    "DIFFUSION",
    "NONE",
    "MB",
    "ND",
    "MOSAIC"
  ],
  "SeriesNumber": 11,
  "AcquisitionTime": "16:17:23.590000",
  "AcquisitionNumber": 1,
  "ImageComments": "Unaliased_MB3_PE4",
  "SliceThickness": 2,
  "SpacingBetweenSlices": 4,
  "SAR": 0.226619,
  "EchoTime": 0.071,
  "RepetitionTime": 5,
  "FlipAngle": 90,
  "PartialFourier": 0.75,
  "BaseResolution": 128,
  "ShimSetting": [
    -2939,
    7907,
    -15458,
    -57,
    -49,
    -1101,
    7,
    -40
  ],
  "DiffusionScheme": "Monopolar",
  "TxRefAmp": 382.656,
  "PhaseResolution": 1,
  "ReceiveCoilName": "HeadNeck_64",
  "ReceiveCoilActiveElements": "HC2,4,6,7",
  "CoilString": "HC2_4_6_7",
  "PulseSequenceDetails": "%CustomerSeq%_cmrr_mbep2d_diff",
  "WipMemBlock": "810b08f6-01d3-4970-9fed-5da8c18d62fe||Sequence: R016 ve11a/master r/fdfe5be5; Nov 27 2017 15:52:35 by eja",
  "RefLinesPE": 38,
  "ConsistencyInfo": "N4_VE11A_LATEST_20140830",
  "MultibandAccelerationFactor": 3,
  "PercentPhaseFOV": 100,
  "EchoTrainLength": 51,
  "PhaseEncodingSteps": 102,
  "AcquisitionMatrixPE": 128,
  "ReconMatrixPE": 128,
  "BandwidthPerPixelPhaseEncode": 20.833,
  "ParallelReductionFactorInPlane": 2,
  "EffectiveEchoSpacing": 0.000375006,
  "DerivedVendorReportedEchoSpacing": 0.000750012,
  "TotalReadoutTime": 0.0476258,
  "PixelBandwidth": 1500,
  "DwellTime": 2.6e-06,
  "PhaseEncodingDirection": "j-",
  "SliceTiming": [
    0,
    2.62,
    0.26,
    2.8825,
    0.5225,
    3.145,
    0.785,
    3.405,
    1.0475,
    3.6675,
    1.31,
    3.93,
    1.5725,
    4.1925,
    1.8325,
    4.455,
    2.095,
    4.7175,
    2.3575,
    0,
    2.62,
    0.26,
    2.8825,
    0.5225,
    3.145,
    0.785,
    3.405,
    1.0475,
    3.6675,
    1.31,
    3.93,
    1.5725,
    4.1925,
    1.8325,
    4.455,
    2.095,
    4.7175,
    2.3575,
    0,
    2.62,
    0.26,
    2.8825,
    0.5225,
    3.145,
    0.785,
    3.405,
    1.0475,
    3.6675,
    1.31,
    3.93,
    1.5725,
    4.1925,
    1.8325,
    4.455,
    2.095,
    4.7175,
    2.3575
  ],
  "ImageOrientationPatientDICOM": [
    1,
    0,
    0,
    0,
    1,
    0
  ],
  "InPlanePhaseEncodingDirectionDICOM": "COL",
  "ConversionSoftware": "dcm2niix",
  "ConversionSoftwareVersion": "v1.0.20190902",
  "ShiftedAquisitionDate": "1817-03-26 00:00:00"
}