{
  "Modality": "MR",
  "MagneticFieldStrength": 3,
  "ImagingFrequency": 123.224,
  "Manufacturer": "Siemens",
  "ManufacturersModelName": "Skyra",
  "InstitutionName": "The_Univ._of_Texas_at_Austin_IRC",
  "InstitutionalDepartmentName": "IRC",
  "InstitutionAddress": "E_24th_St._100_Austin_Southmiddle_US_78712",
  "DeviceSerialNumber": "45239",
  "StationName": "AWP45239",
  "BodyPartExamined": "BRAIN",
  "PatientPosition": "HFS",
  "ProcedureStepDescription": "Booth_Language",
  "SoftwareVersions": "syngo_MR_E11",
  "MRAcquisitionType": "3D",
  "SeriesDescription": "MPRAGE",
  "ProtocolName": "MPRAGE",
  "ScanningSequence": "GR_IR",
  "SequenceVariant": "SK_SP_MP",
  "ScanOptions": "IR",
  "SequenceName": "_tfl3d1_16ns",
  "ImageType": [
    "ORIGINAL",
    "PRIMARY",
    "M",
    "ND"
  ],
  "SeriesNumber": 14,
  "AcquisitionTime": "11:55:37.190000",
  "AcquisitionNumber": 1,
  "SliceThickness": 1,
  "SAR": 0.255266,
  "EchoTime": 0.00243,
  "RepetitionTime": 1.9,
  "InversionTime": 0.9,
  "FlipAngle": 9,
  "PartialFourier": 1,
  "BaseResolution": 256,
  "ShimSetting": [
    -2849,
    8022,
    -16018,
    -1233,
    -75,
    -527,
    -219,
    169
  ],
  "TxRefAmp": 326.034,
  "PhaseResolution": 1,
  "ReceiveCoilName": "HeadNeck_64",
  "ReceiveCoilActiveElements": "HC1-6",
  "PulseSequenceDetails": "%SiemensSeq%_tfl",
  "RefLinesPE": 24,
  "ConsistencyInfo": "N4_VE11A_LATEST_20140830",
  "PercentPhaseFOV": 100,
  "PhaseEncodingSteps": 255,
  "AcquisitionMatrixPE": 256,
  "ReconMatrixPE": 256,
  "ParallelReductionFactorInPlane": 2,
  "PixelBandwidth": 180,
  "DwellTime": 1.09e-05,
  "ImageOrientationPatientDICOM": [
    0,
    1,
    0,
    0,
    0,
    -1
  ],
  "InPlanePhaseEncodingDirectionDICOM": "ROW",
  "ConversionSoftware": "dcm2niix",
  "ConversionSoftwareVersion": "v1.0.20190902",
  "ShiftedAquisitionDate": "1816-04-22 00:00:00"
}